GIT
  remote: git://github.com/brainspec/enumerize.git
  revision: 4e1906e4f707ef483e26e173e27b1313e346ee71
  branch: rails4
  specs:
    enumerize (0.5.1)
      activesupport (>= 3.2)

GIT
  remote: git://github.com/heroku/rails3_serve_static_assets.git
  revision: 84910ceb4ca2851d650e66d3b22f5008acf253f8
  specs:
    rails3_serve_static_assets (0.0.1)

GIT
  remote: git://github.com/heroku/rails_log_stdout.git
  revision: 01b5bcc572e3baed1618f4068920dd83bd491fb2
  specs:
    rails_log_stdout (0.0.1)

GIT
  remote: git://github.com/jonleighton/spring.git
  revision: 661a416d27e554bf1c839a2cd35b8a87e6317175
  specs:
    spring (0.0.8)

GIT
  remote: git://github.com/plataformatec/devise.git
  revision: 6b5988d756d780903bf8c9ccb3e2b3b724ccebe8
  branch: rails4
  specs:
    devise (2.2.4)
      bcrypt-ruby (~> 3.0)
      orm_adapter (~> 0.1)
      railties (>= 3.2.6, < 5)
      warden (~> 1.2.1)

GEM
  remote: https://rubygems.org/
  specs:
    actionmailer (4.0.0.rc2)
      actionpack (= 4.0.0.rc2)
      mail (~> 2.5.3)
    actionpack (4.0.0.rc2)
      activesupport (= 4.0.0.rc2)
      builder (~> 3.1.0)
      erubis (~> 2.7.0)
      rack (~> 1.5.2)
      rack-test (~> 0.6.2)
    active_decorator (0.3.4)
    activemodel (4.0.0.rc2)
      activesupport (= 4.0.0.rc2)
      builder (~> 3.1.0)
    activerecord (4.0.0.rc2)
      activemodel (= 4.0.0.rc2)
      activerecord-deprecated_finders (~> 1.0.2)
      activesupport (= 4.0.0.rc2)
      arel (~> 4.0.0)
    activerecord-deprecated_finders (1.0.3)
    activesupport (4.0.0.rc2)
      i18n (~> 0.6, >= 0.6.4)
      minitest (~> 4.2)
      multi_json (~> 1.3)
      thread_safe (~> 0.1)
      tzinfo (~> 0.3.37)
    addressable (2.3.4)
    arel (4.0.0)
    atomic (1.1.9)
    awesome_print (1.1.0)
    bcrypt-ruby (3.0.1)
    better_errors (0.9.0)
      coderay (>= 1.0.0)
      erubis (>= 2.6.6)
    binding_of_caller (0.7.1)
      debug_inspector (>= 0.0.1)
    brakeman (2.0.0)
      erubis (~> 2.6)
      fastercsv (~> 1.5)
      haml (>= 3.0, < 5.0)
      highline (~> 1.6.19)
      multi_json (~> 1.2)
      ruby2ruby (~> 2.0.5)
      ruby_parser (~> 3.1.1)
      sass (~> 3.0)
      slim (~> 1.3.6)
      terminal-table (~> 1.4)
    builder (3.1.4)
    capistrano (2.15.4)
      highline
      net-scp (>= 1.0.0)
      net-sftp (>= 2.0.0)
      net-ssh (>= 2.0.14)
      net-ssh-gateway (>= 1.1.0)
    capistrano-ext (1.2.1)
      capistrano (>= 1.0.0)
    capistrano_colors (0.5.5)
    capybara (2.1.0)
      mime-types (>= 1.16)
      nokogiri (>= 1.3.3)
      rack (>= 1.0.0)
      rack-test (>= 0.5.4)
      xpath (~> 2.0)
    chronic (0.9.1)
    coderay (1.0.9)
    coffee-rails (4.0.0)
      coffee-script (>= 2.2.0)
      railties (>= 4.0.0.beta, < 5.0)
    coffee-script (2.2.0)
      coffee-script-source
      execjs
    coffee-script-source (1.6.2)
    commonjs (0.2.6)
    cookiejar (0.3.0)
    daemons (1.1.9)
    database_cleaner (1.0.0.RC1)
    debug_inspector (0.0.2)
    delorean (2.1.0)
      chronic
    diff-lcs (1.2.4)
    dotenv (0.7.0)
    em-http-request (1.0.3)
      addressable (>= 2.2.3)
      cookiejar
      em-socksify
      eventmachine (>= 1.0.0.beta.4)
      http_parser.rb (>= 0.5.3)
    em-socksify (0.2.1)
      eventmachine (>= 1.0.0.beta.4)
    erubis (2.7.0)
    eventmachine (1.0.3)
    execjs (1.4.0)
      multi_json (~> 1.0)
    factory_girl (4.2.0)
      activesupport (>= 3.0.0)
    factory_girl_rails (4.2.1)
      factory_girl (~> 4.2.0)
      railties (>= 3.0.0)
    faker (1.1.2)
      i18n (~> 0.5)
    fastercsv (1.5.5)
    faye-websocket (0.4.7)
      eventmachine (>= 0.12.0)
    ffi (1.8.1)
    figaro (0.6.4)
      bundler (~> 1.0)
      rails (>= 3, < 5)
    foreman (0.63.0)
      dotenv (>= 0.7)
      thor (>= 0.13.6)
    formatador (0.2.4)
    guard (1.8.0)
      formatador (>= 0.2.4)
      listen (>= 1.0.0)
      lumberjack (>= 1.0.2)
      pry (>= 0.9.10)
      thor (>= 0.14.6)
    guard-rspec (3.0.1)
      guard (>= 1.8)
      rspec (~> 2.13)
    guard-sprockets2 (0.0.6)
      guard
      sprockets (~> 2.0)
    haml (4.0.3)
      tilt
    haml-rails (0.4)
      actionpack (>= 3.1, < 4.1)
      activesupport (>= 3.1, < 4.1)
      haml (>= 3.1, < 4.1)
      railties (>= 3.1, < 4.1)
    hashie (2.0.5)
    highline (1.6.19)
    hike (1.2.3)
    http_parser.rb (0.5.3)
    i18n (0.6.4)
    jbuilder (1.0.2)
      activesupport (>= 3.0.0)
    jquery-rails (3.0.0)
      railties (>= 3.0, < 5.0)
      thor (>= 0.14, < 2.0)
    jquery-turbolinks (1.0.0)
      railties (>= 3.1.0)
      turbolinks
    launchy (2.3.0)
      addressable (~> 2.3)
    less (2.3.2)
      commonjs (~> 0.2.6)
    less-rails (2.3.3)
      actionpack (>= 3.1)
      less (~> 2.3.1)
    libv8 (3.11.8.17)
    listen (1.1.6)
      rb-fsevent (>= 0.9.3)
      rb-inotify (>= 0.9)
      rb-kqueue (>= 0.2)
    lumberjack (1.0.3)
    mail (2.5.4)
      mime-types (~> 1.16)
      treetop (~> 1.4.8)
    method_source (0.8.1)
    mime-types (1.23)
    minitest (4.7.4)
    multi_json (1.7.6)
    net-scp (1.1.1)
      net-ssh (>= 2.6.5)
    net-sftp (2.1.2)
      net-ssh (>= 2.6.5)
    net-ssh (2.6.7)
    net-ssh-gateway (1.2.0)
      net-ssh (>= 2.6.5)
    nokogiri (1.5.9)
    oauth (0.4.7)
    omniauth (1.1.4)
      hashie (>= 1.2, < 3)
      rack
    omniauth-oauth (1.0.1)
      oauth
      omniauth (~> 1.0)
    omniauth-twitter (0.0.16)
      multi_json (~> 1.3)
      omniauth-oauth (~> 1.0)
    orm_adapter (0.4.0)
    pg (0.15.1)
    poltergeist (1.3.0)
      capybara (~> 2.1.0)
      faye-websocket (>= 0.4.4, < 0.5.0)
      http_parser.rb (~> 0.5.3)
    polyglot (0.3.3)
    pry (0.9.12.2)
      coderay (~> 1.0.5)
      method_source (~> 0.8)
      slop (~> 3.4)
    pusher (0.11.3)
      multi_json (~> 1.0)
      signature (~> 0.1.6)
    rack (1.5.2)
    rack-test (0.6.2)
      rack (>= 1.0)
    rails (4.0.0.rc2)
      actionmailer (= 4.0.0.rc2)
      actionpack (= 4.0.0.rc2)
      activerecord (= 4.0.0.rc2)
      activesupport (= 4.0.0.rc2)
      bundler (>= 1.3.0, < 2.0)
      railties (= 4.0.0.rc2)
      sprockets-rails (~> 2.0.0)
    rails-db-resetup (0.0.2)
    rails-i18n (0.7.3)
      i18n (~> 0.5)
    railties (4.0.0.rc2)
      actionpack (= 4.0.0.rc2)
      activesupport (= 4.0.0.rc2)
      rake (>= 0.8.7)
      thor (>= 0.18.1, < 2.0)
    rake (10.0.4)
    rb-fsevent (0.9.3)
    rb-inotify (0.9.0)
      ffi (>= 0.5.0)
    rb-kqueue (0.2.0)
      ffi (>= 0.5.0)
    ref (1.0.5)
    rspec (2.13.0)
      rspec-core (~> 2.13.0)
      rspec-expectations (~> 2.13.0)
      rspec-mocks (~> 2.13.0)
    rspec-core (2.13.1)
    rspec-expectations (2.13.0)
      diff-lcs (>= 1.1.3, < 2.0)
    rspec-mocks (2.13.1)
    rspec-rails (2.13.2)
      actionpack (>= 3.0)
      activesupport (>= 3.0)
      railties (>= 3.0)
      rspec-core (~> 2.13.0)
      rspec-expectations (~> 2.13.0)
      rspec-mocks (~> 2.13.0)
    ruby2ruby (2.0.5)
      ruby_parser (~> 3.1)
      sexp_processor (~> 4.0)
    ruby_parser (3.1.3)
      sexp_processor (~> 4.1)
    rvm-capistrano (1.3.0)
      capistrano (>= 2.0.0)
    sass (3.2.9)
    sass-rails (4.0.0.rc2)
      railties (>= 4.0.0.beta, < 5.0)
      sass (>= 3.1.10)
      sprockets-rails (~> 2.0.0)
    sexp_processor (4.2.1)
    shoulda-matchers (2.1.0)
      activesupport (>= 3.0.0)
    signature (0.1.7)
    simple_form (3.0.0.rc)
      actionpack (>= 4.0.0.rc1, < 4.1)
      activemodel (>= 4.0.0.rc1, < 4.1)
    slim (1.3.9)
      temple (~> 0.6.3)
      tilt (~> 1.3, >= 1.3.3)
    slop (3.4.5)
    sprockets (2.10.0)
      hike (~> 1.2)
      multi_json (~> 1.0)
      rack (~> 1.0)
      tilt (~> 1.1, != 1.3.0)
    sprockets-rails (2.0.0)
      actionpack (>= 3.0)
      activesupport (>= 3.0)
      sprockets (~> 2.8)
    sqlite3 (1.3.7)
    tapp (1.4.0)
      thor
    temple (0.6.5)
    terminal-table (1.4.5)
    therubyracer (0.11.4)
      libv8 (~> 3.11.8.12)
      ref
    thin (1.5.1)
      daemons (>= 1.0.9)
      eventmachine (>= 0.12.6)
      rack (>= 1.0.0)
    thor (0.18.1)
    thread_safe (0.1.0)
      atomic
    tilt (1.4.1)
    treetop (1.4.14)
      polyglot
      polyglot (>= 0.3.1)
    turbolinks (1.2.0)
      coffee-rails
    twitter-bootstrap-rails (2.2.7)
      actionpack (>= 3.1)
      execjs
      rails (>= 3.1)
      railties (>= 3.1)
    tzinfo (0.3.37)
    uglifier (2.1.1)
      execjs (>= 0.3.0)
      multi_json (~> 1.0, >= 1.0.2)
    warden (1.2.1)
      rack (>= 1.0)
    xpath (2.0.0)
      nokogiri (~> 1.3)

PLATFORMS
  ruby

DEPENDENCIES
  active_decorator
  awesome_print
  better_errors
  binding_of_caller
  brakeman
  capistrano
  capistrano-ext
  capistrano_colors
  capybara
  coffee-rails (~> 4.0.0.rc2)
  database_cleaner (= 1.0.0.RC1)
  delorean
  devise!
  em-http-request
  enumerize!
  factory_girl
  factory_girl_rails
  faker
  figaro
  foreman
  guard-rspec
  guard-sprockets2
  haml-rails
  jbuilder (~> 1.0.1)
  jquery-rails
  jquery-turbolinks
  launchy
  less-rails
  omniauth
  omniauth-twitter
  pg
  poltergeist
  pry
  pusher
  rails (= 4.0.0.rc2)
  rails-db-resetup
  rails-i18n
  rails3_serve_static_assets!
  rails_log_stdout!
  rb-fsevent
  rspec-rails
  rvm-capistrano
  sass-rails (~> 4.0.0.rc2)
  shoulda-matchers
  simple_form (= 3.0.0.rc)
  spring!
  sqlite3
  tapp
  therubyracer
  thin
  turbolinks
  twitter-bootstrap-rails
  uglifier (>= 1.0.3)
  warden
